GEM
  remote: https://rubygems.org/
  specs:
    aasm (3.0.8)
    abstract (1.0.0)
    actionmailer (3.0.17)
      actionpack (= 3.0.17)
      mail (~> 2.2.19)
    actionpack (3.0.17)
      activemodel (= 3.0.17)
      activesupport (= 3.0.17)
      builder (~> 2.1.2)
      erubis (~> 2.6.6)
      i18n (~> 0.5.0)
      rack (~> 1.2.5)
      rack-mount (~> 0.6.14)
      rack-test (~> 0.5.7)
      tzinfo (~> 0.3.23)
    activemodel (3.0.17)
      activesupport (= 3.0.17)
      builder (~> 2.1.2)
      i18n (~> 0.5.0)
    activerecord (3.0.17)
      activemodel (= 3.0.17)
      activesupport (= 3.0.17)
      arel (~> 2.0.10)
      tzinfo (~> 0.3.23)
    activerecord-mysql2-adapter (0.0.3)
      mysql2
    activeresource (3.0.17)
      activemodel (= 3.0.17)
      activesupport (= 3.0.17)
    activesupport (3.0.17)
    arel (2.0.10)
    bcrypt-ruby (3.0.1)
    builder (2.1.2)
    capistrano (2.13.3)
      highline
      net-scp (>= 1.0.0)
      net-sftp (>= 2.0.0)
      net-ssh (>= 2.0.14)
      net-ssh-gateway (>= 1.1.0)
    chronic (0.7.0)
    comma (3.0.3)
    delayed_job (3.0.3)
      activesupport (~> 3.0)
    delayed_job_active_record (0.3.2)
      activerecord (> 2.1.0)
      delayed_job (~> 3.0.0)
    devise (1.5.3)
      bcrypt-ruby (~> 3.0)
      orm_adapter (~> 0.0.3)
      warden (~> 1.1)
    erubis (2.6.6)
      abstract (>= 1.0.0)
    highline (1.6.14)
    i18n (0.5.0)
    json (1.7.5)
    mail (2.2.19)
      activesupport (>= 2.3.6)
      i18n (>= 0.4.0)
      mime-types (~> 1.16)
      treetop (~> 1.4.8)
    mime-types (1.19)
    mysql2 (0.2.18)
    net-scp (1.0.4)
      net-ssh (>= 1.99.1)
    net-sftp (2.0.5)
      net-ssh (>= 2.0.9)
    net-ssh (2.5.2)
    net-ssh-gateway (1.1.0)
      net-ssh (>= 1.99.1)
    orm_adapter (0.0.7)
    polyglot (0.3.3)
    rack (1.2.5)
    rack-mount (0.6.14)
      rack (>= 1.0.0)
    rack-test (0.5.7)
      rack (>= 1.0)
    rails (3.0.17)
      actionmailer (= 3.0.17)
      actionpack (= 3.0.17)
      activerecord (= 3.0.17)
      activeresource (= 3.0.17)
      activesupport (= 3.0.17)
      bundler (~> 1.0)
      railties (= 3.0.17)
    railties (3.0.17)
      actionpack (= 3.0.17)
      activesupport (= 3.0.17)
      rake (>= 0.8.7)
      rdoc (~> 3.4)
      thor (~> 0.14.4)
    rake (0.9.2.2)
    rdoc (3.12)
      json (~> 1.4)
    ruby-ole (1.2.11.4)
    rvm-capistrano (1.2.5)
      capistrano (>= 2.0.0)
    spreadsheet (0.7.3)
      ruby-ole (>= 1.0)
    thor (0.14.6)
    to_xls (1.5.1)
      spreadsheet
    treetop (1.4.10)
      polyglot
      polyglot (>= 0.3.1)
    tzinfo (0.3.33)
    warden (1.2.1)
      rack (>= 1.0)
    whenever (0.4.1)
      chronic (>= 0.2.3)
    will_paginate (3.0.3)

PLATFORMS
  ruby

DEPENDENCIES
  aasm
  activerecord-mysql2-adapter
  capistrano
  comma
  delayed_job
  delayed_job_active_record
  devise (= 1.5.3)
  mysql2
  rails (= 3.0.17)
  rake (= 0.9.2.2)
  rvm-capistrano
  spreadsheet
  to_xls
  whenever
  will_paginate (~> 3.0)
