GEM
  remote: https://rubygems.org/
  specs:
    aasm (3.0.8)
    actionmailer (2.3.8)
      actionpack (= 2.3.8)
    actionpack (2.3.8)
      activesupport (= 2.3.8)
      rack (~> 1.1.0)
    activerecord (2.3.8)
      activesupport (= 2.3.8)
    activerecord-mysql2-adapter (0.0.3)
      mysql2
    activeresource (2.3.8)
      activesupport (= 2.3.8)
    activesupport (2.3.8)
    capistrano (2.13.3)
      highline
      net-scp (>= 1.0.0)
      net-sftp (>= 2.0.0)
      net-ssh (>= 2.0.14)
      net-ssh-gateway (>= 1.1.0)
    chronic (0.7.0)
    daemons (1.1.9)
    delayed_job (2.0.3)
      daemons
    highline (1.6.14)
    mysql2 (0.2.18)
    net-scp (1.0.4)
      net-ssh (>= 1.99.1)
    net-sftp (2.0.5)
      net-ssh (>= 2.0.9)
    net-ssh (2.5.2)
    net-ssh-gateway (1.1.0)
      net-ssh (>= 1.99.1)
    rack (1.1.3)
    rails (2.3.8)
      actionmailer (= 2.3.8)
      actionpack (= 2.3.8)
      activerecord (= 2.3.8)
      activeresource (= 2.3.8)
      activesupport (= 2.3.8)
      rake (>= 0.8.3)
    rake (0.8.7)
    ruby-ole (1.2.11.4)
    rvm-capistrano (1.2.5)
      capistrano (>= 2.0.0)
    spreadsheet (0.6.4.1)
      ruby-ole
    whenever (0.4.1)
      chronic (>= 0.2.3)
    will_paginate (2.3.16)

PLATFORMS
  ruby

DEPENDENCIES
  aasm
  activerecord-mysql2-adapter
  capistrano
  delayed_job (= 2.0.3)
  mysql2
  rails (= 2.3.8)
  rake (= 0.8.7)
  rvm-capistrano
  spreadsheet (= 0.6.4.1)
  whenever (= 0.4.1)
  will_paginate (~> 2.3.16)
